PATH
  remote: .
  specs:
    shaf (0.4.1)

GEM
  remote: https://rubygems.org/
  specs:
    rake (12.3.1)

PLATFORMS
  ruby

DEPENDENCIES
  rake (~> 12.0, >= 10.0)
  shaf!

BUNDLED WITH
   1.16.1
