GEM
  remote: https://rubygems.org/
  specs:
    backports (3.8.0)
    bacon (1.2.0)
    coderay (1.1.1)
    daemons (1.2.4)
    eventmachine (1.2.3)
    method_source (0.8.2)
    multi_json (1.12.1)
    mustermann (1.0.0)
    pg (0.20.0)
    pry (0.10.4)
      coderay (~> 1.1.0)
      method_source (~> 0.8.1)
      slop (~> 3.4)
    rack (2.0.3)
    rack-protection (2.0.0)
      rack
    rake (12.0.0)
    sequel (4.47.0)
    sinatra (2.0.0)
      mustermann (~> 1.0)
      rack (~> 2.0)
      rack-protection (= 2.0.0)
      tilt (~> 2.0)
    sinatra-contrib (2.0.0)
      backports (>= 2.0)
      multi_json
      mustermann (~> 1.0)
      rack-protection (= 2.0.0)
      sinatra (= 2.0.0)
      tilt (>= 1.3, < 3)
    sinatra-sequel (0.9.0)
      bacon
      sequel (>= 3.2.0)
      sinatra (>= 0.9.4)
    slop (3.6.0)
    sqlite3 (1.3.13)
    thin (1.7.0)
      daemons (~> 1.0, >= 1.0.9)
      eventmachine (~> 1.0, >= 1.0.4)
      rack (>= 1, < 3)
    tilt (2.0.7)

PLATFORMS
  ruby

DEPENDENCIES
  pg
  pry
  rake
  sequel
  sinatra
  sinatra-contrib
  sinatra-sequel
  sqlite3
  thin

RUBY VERSION
   ruby 2.4.1p111

BUNDLED WITH
   1.15.1
