PATH
  remote: .
  specs:
    shaf (1.0.4)

GEM
  remote: https://rubygems.org/
  specs:
    minitest (5.11.3)
    mustermann (1.0.3)
    rack (2.0.6)
    rack-protection (2.0.5)
      rack
    rack-test (1.1.0)
      rack (>= 1.0, < 3)
    rake (12.3.2)
    sequel (5.18.0)
    sinatra (2.0.5)
      mustermann (~> 1.0)
      rack (~> 2.0)
      rack-protection (= 2.0.5)
      tilt (~> 2.0)
    sqlite3 (1.4.0)
    tilt (2.0.9)

PLATFORMS
  ruby

DEPENDENCIES
  minitest (~> 5, >= 5.10)
  rack-test (~> 1.0)
  rake (~> 12.0)
  sequel (~> 5)
  shaf!
  sinatra (~> 2.0)
  sqlite3 (~> 1.3)

BUNDLED WITH
   1.17.3
