PATH
  remote: .
  specs:
    shaf (0.3.1)

GEM
  remote: https://rubygems.org/
  specs:
    minitest-hooks (1.4.2)
    rake (12.3.1)

PLATFORMS
  ruby

DEPENDENCIES
  minitest-hooks (~> 1.4, >= 1.4.2)
  rake (~> 12.0, >= 10.0)
  shaf!

BUNDLED WITH
   1.16.1
