GEM
  remote: https://rubygems.org/
  specs:
    bcrypt (3.1.11)
    byebug (9.0.6)
    coderay (1.1.1)
    daemons (1.2.4)
    eventmachine (1.2.5)
    hal_decorator (0.3.3)
    method_source (0.8.2)
    minitest (5.10.3)
    mustermann (1.0.0)
    pg (0.21.0)
    pry (0.10.4)
      coderay (~> 1.1.0)
      method_source (~> 0.8.1)
      slop (~> 3.4)
    pry-byebug (3.4.2)
      byebug (~> 9.0)
      pry (~> 0.10)
    rack (2.0.3)
    rack-protection (2.0.0)
      rack
    rack-test (0.7.0)
      rack (>= 1.0, < 3)
    rake (12.3.0)
    redcarpet (3.4.0)
    sequel (4.49.0)
    sinatra (2.0.0)
      mustermann (~> 1.0)
      rack (~> 2.0)
      rack-protection (= 2.0.0)
      tilt (~> 2.0)
    sinatra-sequel (0.9.0)
      sequel (>= 3.2.0)
      sinatra (>= 0.9.4)
    slop (3.6.0)
    sqlite3 (1.3.13)
    thin (1.7.2)
      daemons (~> 1.0, >= 1.0.9)
      eventmachine (~> 1.0, >= 1.0.4)
      rack (>= 1, < 3)
    tilt (2.0.8)

PLATFORMS
  ruby

DEPENDENCIES
  bcrypt
  hal_decorator
  minitest
  pg
  pry
  pry-byebug
  rack-test
  rake
  redcarpet
  sequel
  sinatra
  sinatra-sequel
  sqlite3
  thin

RUBY VERSION
   ruby 2.4.1p111

BUNDLED WITH
   1.16.0
